GEM
  remote: https://rubygems.org/
  specs:
    timecop (0.9.4)

PLATFORMS
  ruby

DEPENDENCIES
  timecop

BUNDLED WITH
   1.17.2
